GEM
  remote: https://rubygems.org/
  specs:
    diff-lcs (1.2.5)
    foreman (0.85.0)
      thor (~> 0.19.1)
    haml (5.1.2)
      temple (>= 0.8.0)
      tilt
    rack (1.6.11)
    rack-protection (1.5.5)
      rack
    rspec (2.14.1)
      rspec-core (~> 2.14.0)
      rspec-expectations (~> 2.14.0)
      rspec-mocks (~> 2.14.0)
    rspec-core (2.14.8)
    rspec-expectations (2.14.5)
      diff-lcs (>= 1.1.3, < 2.0)
    rspec-mocks (2.14.6)
    sass (3.3.2)
    sinatra (1.4.4)
      rack (~> 1.4)
      rack-protection (~> 1.4)
      tilt (~> 1.3, >= 1.3.4)
    temple (0.8.1)
    thor (0.19.4)
    tilt (1.4.1)

PLATFORMS
  ruby

DEPENDENCIES
  foreman
  haml
  rspec
  sass (= 3.3.2)
  sinatra

BUNDLED WITH
   1.11.2
