GEM
  remote: https://rubygems.org/
  specs:
    diff-lcs (1.2.5)
    foreman (0.85.0)
      thor (~> 0.19.1)
    haml (5.1.2)
      temple (>= 0.8.0)
      tilt
    mustermann (2.0.2)
      ruby2_keywords (~> 0.0.1)
    rack (2.2.4)
    rack-protection (2.2.3)
      rack
    rspec (2.14.1)
      rspec-core (~> 2.14.0)
      rspec-expectations (~> 2.14.0)
      rspec-mocks (~> 2.14.0)
    rspec-core (2.14.8)
    rspec-expectations (2.14.5)
      diff-lcs (>= 1.1.3, < 2.0)
    rspec-mocks (2.14.6)
    ruby2_keywords (0.0.5)
    sass (3.3.2)
    sinatra (2.2.3)
      mustermann (~> 2.0)
      rack (~> 2.2)
      rack-protection (= 2.2.3)
      tilt (~> 2.0)
    temple (0.8.1)
    thor (0.19.4)
    tilt (2.0.11)

PLATFORMS
  ruby

DEPENDENCIES
  foreman
  haml
  rspec
  sass (= 3.3.2)
  sinatra

BUNDLED WITH
   1.11.2
